GEM
  remote: https://rubygems.org/
  specs:
    awesome_print (1.8.0)
    builder (3.2.3)
    coderay (1.0.9)
    concurrent-ruby (1.1.4)
    ethon (0.12.0)
      ffi (>= 1.3.0)
    faraday (0.15.4)
      multipart-post (>= 1.2, < 3)
    faraday_middleware (0.13.1)
      faraday (>= 0.7.4, < 1.0)
    ffi (1.10.0)
    ghee (0.15.23)
      faraday (~> 0.9)
      faraday_middleware (~> 0.9)
      hashie (~> 3.3.2)
      highline (~> 1.6.15)
      multi_json (~> 1.3)
      typhoeus (~> 0.7.0)
    hashie (3.3.2)
    highline (1.6.21)
    i18n (1.5.3)
      concurrent-ruby (~> 1.0)
    method_source (0.9.2)
    monetize (1.9.1)
      money (~> 6.12)
    money (6.13.2)
      i18n (>= 0.6.4, <= 2)
    multi_json (1.13.1)
    multipart-post (2.0.0)
    pry (0.9.12.2)
      coderay (~> 1.0.5)
      method_source (~> 0.8)
      slop (~> 3.4)
    rake (12.3.2)
    slop (3.6.0)
    typhoeus (0.7.3)
      ethon (>= 0.7.4)

PLATFORMS
  ruby

DEPENDENCIES
  awesome_print
  builder
  ghee
  highline
  monetize
  pry (= 0.9.12.2)
  rake

BUNDLED WITH
   2.0.1
